GEM
  remote: https://rubygems.org/
  specs:
    armor (0.0.3)
    cuba (3.4.0)
      rack
    mote (1.1.4)
    mote-render (1.1.0)
    mysql (2.9.1)
    rack (1.6.4)
    rack-protection (1.5.3)
      rack
    rack-test (0.6.3)
      rack (>= 1.0)
    racksh (1.0.0)
      rack (>= 1.0)
      rack-test (>= 0.5)
    sequel (4.26.0)
    shield (2.1.1)
      armor
    tilt (2.0.1)

PLATFORMS
  ruby

DEPENDENCIES
  cuba (= 3.4.0)
  mote (= 1.1.4)
  mote-render (= 1.1.0)
  mysql (~> 2.9.1)
  rack-protection (= 1.5.3)
  racksh
  sequel (= 4.26.0)
  shield
  tilt (= 2.0.1)

BUNDLED WITH
   1.10.6
