GEM
  remote: https://rubygems.org/
  specs:
    cuba (3.4.0)
      rack
    mote (1.1.4)
    mote-render (1.1.0)
    mysql (2.9.1)
    rack (1.6.4)
    rack-protection (1.5.3)
      rack
    sequel (4.26.0)
    tilt (2.0.1)

PLATFORMS
  ruby

DEPENDENCIES
  cuba (= 3.4.0)
  mote (= 1.1.4)
  mote-render (= 1.1.0)
  mysql (~> 2.9.1)
  rack-protection (= 1.5.3)
  sequel (= 4.26.0)
  tilt (= 2.0.1)

BUNDLED WITH
   1.10.6
